PATH
  remote: vendor/tools/buildr_plus
  specs:
    buildr_plus (1.0.0)
      reality-core (>= 1.8.0)
      reality-naming (>= 1.9.0)
      zapwhite (= 2.8.0)

PATH
  remote: vendor/tools/dbt
  specs:
    dbt (0.10.0.dev)
      reality-core (>= 1.6.0)
      reality-orderedhash (>= 1.0.0)

PATH
  remote: vendor/tools/domgen
  specs:
    domgen (0.19.0.dev)
      reality-core (>= 1.8.0)
      reality-facets (>= 1.11.0)
      reality-generators (>= 1.6.0)
      reality-mash (>= 1.0.0)
      reality-naming (>= 1.9.0)
      reality-orderedhash (>= 1.0.0)

PATH
  remote: vendor/tools/redfish
  specs:
    redfish (0.2.2.dev)
      reality-core (>= 1.8.0)
      reality-mash (>= 1.0.0)
      reality-naming (>= 1.9.0)

GEM
  remote: https://rubygems.org/
  specs:
    arrayfields (4.9.2)
    atoulme-Antwrap (0.7.5)
      rjb (>= 1.0.3)
    braid (1.0.21)
      main (>= 4.7.3)
      open4 (>= 1.0.1)
    builder (3.2.2)
    buildr (1.5.4)
      atoulme-Antwrap (= 0.7.5)
      builder (= 3.2.2)
      bundler
      diff-lcs (= 1.2.5)
      json_pure (= 1.8.3)
      minitar (= 0.5.4)
      net-sftp (= 2.1.2)
      net-ssh (= 3.1.1)
      rake (= 0.9.2.2)
      rjb (= 1.5.4)
      rubyzip (= 1.2.0)
      xml-simple (= 1.1.5)
    chronic (0.10.2)
    diff-lcs (1.2.5)
    fattr (2.3.0)
    gitattributes (2.9.0)
    json_pure (1.8.3)
    main (6.2.2)
      arrayfields (~> 4.7, >= 4.7.4)
      chronic (~> 0.6, >= 0.6.2)
      fattr (~> 2.2, >= 2.2.0)
      map (~> 6.1, >= 6.1.0)
    map (6.6.0)
    maruku (0.7.3)
    mini_portile2 (2.3.0)
    minitar (0.5.4)
    net-sftp (2.1.2)
      net-ssh (>= 2.6.5)
    net-ssh (3.1.1)
    open4 (1.3.4)
    rake (0.9.2.2)
    reality-core (1.8.0)
    reality-facets (1.11.0)
      reality-core (>= 1.8.0)
      reality-naming (>= 1.9.0)
      reality-orderedhash (>= 1.0.0)
    reality-generators (1.14.0)
      reality-core (>= 1.7.0)
      reality-naming (>= 1.9.0)
      reality-orderedhash (>= 1.0.0)
    reality-mash (1.0.0)
    reality-naming (1.10.0)
    reality-orderedhash (1.0.0)
    rjb (1.5.4)
    rubyzip (1.2.0)
    tiny_tds (1.0.5)
      mini_portile2 (~> 2.0)
    xml-simple (1.1.5)
    zapwhite (2.8.0)
      gitattributes (= 2.9.0)

PLATFORMS
  ruby

DEPENDENCIES
  braid (= 1.0.21)
  buildr (= 1.5.4)
  buildr_plus (= 1.0.0)!
  dbt (= 0.10.0.dev)!
  domgen (= 0.19.0.dev)!
  maruku
  redfish (= 0.2.2.dev)!
  tiny_tds (= 1.0.5)

BUNDLED WITH
   1.15.4
